GEM
  remote: https://rubygems.org/
  specs:
    asciidoctor (2.0.12)
    asciidoctor-diagram (2.1.0)
      asciidoctor (>= 1.5.7, < 3.x)
      asciidoctor-diagram-ditaamini (~> 0.13)
      asciidoctor-diagram-plantuml (~> 1.2021)
      rexml
    asciidoctor-diagram-ditaamini (0.13.1)
    asciidoctor-diagram-plantuml (1.2021.0)
    coderay (1.1.3)
    rexml (3.2.4)

PLATFORMS
  ruby

DEPENDENCIES
  asciidoctor (= 2.0.12)
  asciidoctor-diagram (= 2.1.0)
  coderay (~> 1.1, >= 1.1.1)

BUNDLED WITH
   2.2.0.rc.2
